GEM
  remote: https://rubygems.org/
  specs:
    climate_control (1.2.0)
    terrapin (1.0.1)
      climate_control
    yt-dlp.rb (0.3.1)
      terrapin (>= 0.6.0)

PLATFORMS
  ruby
  x86_64-linux

DEPENDENCIES
  yt-dlp.rb

BUNDLED WITH
   2.5.22
